GEM
  remote: https://rubygems.org/
  specs:
    debase (0.2.4.1)
      debase-ruby_core_source (>= 0.10.2)
    debase-ruby_core_source (0.10.12)
    rake (13.0.6)
    ruby-debug-ide (0.7.2)
      rake (>= 0.8.1)

PLATFORMS
  x86_64-linux

DEPENDENCIES
  debase (~> 0.2.4)
  ruby-debug-ide (~> 0.7.2)

BUNDLED WITH
   2.2.23
